PATH
  remote: .
  specs:
    wonderdog (0.0.2)
      wukong (= 3.0.0.pre3)
      wukong-hadoop (>= 0.0.2)

GEM
  remote: http://rubygems.org/
  specs:
    configliere (0.4.18)
      highline (>= 1.5.2)
      multi_json (>= 1.1)
    diff-lcs (1.1.3)
    eventmachine (1.0.0)
    forgery (0.5.0)
    gorillib (0.4.2)
      configliere (>= 0.4.13)
      json
      multi_json (>= 1.1)
    highline (1.6.15)
    json (1.7.7)
    log4r (1.1.10)
    multi_json (1.6.1)
    rake (0.9.6)
    redcarpet (2.2.2)
    rspec (2.12.0)
      rspec-core (~> 2.12.0)
      rspec-expectations (~> 2.12.0)
      rspec-mocks (~> 2.12.0)
    rspec-core (2.12.2)
    rspec-expectations (2.12.1)
      diff-lcs (~> 1.1.3)
    rspec-mocks (2.12.0)
    uuidtools (2.1.3)
    vayacondios-client (0.1.2)
      configliere (>= 0.4.16)
      gorillib (~> 0.4.2)
      multi_json (~> 1.1)
    wukong (3.0.0.pre3)
      configliere (>= 0.4.18)
      eventmachine
      forgery
      gorillib (>= 0.4.2)
      log4r
      multi_json (>= 1.3.6)
      uuidtools
      vayacondios-client (>= 0.1.2)
    wukong-hadoop (0.0.2)
      wukong (= 3.0.0.pre3)
    yard (0.8.4.1)

PLATFORMS
  ruby

DEPENDENCIES
  rake (~> 0.9)
  redcarpet
  rspec (~> 2)
  wonderdog!
  yard
